GEM
  remote: https://rubygems.org/
  specs:
    byebug (9.0.6)
    coderay (1.1.1)
    gosu (0.12.1)
    json (2.1.0)
    method_source (0.8.2)
    pry (0.10.4)
      coderay (~> 1.1.0)
      method_source (~> 0.8.1)
      slop (~> 3.4)
    rmagick (2.16.0)
    ruby-prof (0.16.2)
    slop (3.6.0)

PLATFORMS
  ruby

DEPENDENCIES
  byebug
  gosu
  json
  pry
  rmagick
  ruby-prof

RUBY VERSION
   ruby 2.3.1p112

BUNDLED WITH
   1.15.1
