GEM
  remote: https://rubygems.org/
  specs:
    byebug (10.0.2)
    coderay (1.1.2)
    gosu (0.14.4)
    memory_profiler (0.9.12)
    method_source (0.9.2)
    pry (0.12.2)
      coderay (~> 1.1.0)
      method_source (~> 0.9.0)
    pry-byebug (3.6.0)
      byebug (~> 10.0)
      pry (~> 0.10)
    ruby-prof (0.17.0)

PLATFORMS
  ruby

DEPENDENCIES
  gosu
  memory_profiler
  pry-byebug
  ruby-prof

RUBY VERSION
   ruby 2.6.0p0

BUNDLED WITH
   1.17.2
