GEM
  remote: https://rubygems.org/
  specs:
    byebug (9.0.6)
    gosu (0.12.1)
    gosu_tiled (0.1.1)
      gosu
      json
    json (2.1.0)
    rmagick (2.16.0)

PLATFORMS
  ruby

DEPENDENCIES
  byebug
  gosu
  gosu_tiled
  rmagick

RUBY VERSION
   ruby 2.3.1p112

BUNDLED WITH
   1.15.1
